PATH
  remote: .
  specs:
    noruen (0.1.0)

GEM
  remote: https://rubygems.org/
  specs:
    minitest (5.10.3)
    rake (12.3.0)

PLATFORMS
  ruby

DEPENDENCIES
  minitest (~> 5.0)
  noruen!
  rake (~> 12.0)

BUNDLED WITH
   2.1.4
